GIT
  remote: ../excel_to_code
  revision: 0fb5a27f126c3ea12ca4dd6edfce0b042a8970d6
  branch: master
  specs:
    excel_to_code (0.2.28)
      ffi (~> 1.0, >= 1.0.11)
      nokogiri (~> 1.5, >= 1.5.0)
      ox (~> 2.0, >= 2.0.12)
      rspec (~> 2.7, >= 2.7.0)
      rubypeg (~> 0)

GEM
  remote: http://rubygems.org/
  specs:
    binding_of_caller (0.7.2)
      debug_inspector (>= 0.0.1)
    coderay (1.1.0)
    debug_inspector (0.0.2)
    diff-lcs (1.2.5)
    ffi (1.9.3)
    ffi (1.9.3-java)
    interception (0.4)
    method_source (0.8.2)
    mini_portile (0.6.0)
    minitest (5.2.3)
    nokogiri (1.6.2.1)
      mini_portile (= 0.6.0)
    nokogiri (1.6.2.1-java)
    ox (2.1.1)
    pry (0.9.12.6)
      coderay (~> 1.0)
      method_source (~> 0.8)
      slop (~> 3.4)
    pry (0.9.12.6-java)
      coderay (~> 1.0)
      method_source (~> 0.8)
      slop (~> 3.4)
      spoon (~> 0.0)
    pry-rescue (1.4.0)
      interception (>= 0.4)
      pry
    pry-stack_explorer (0.4.9.1)
      binding_of_caller (>= 0.7)
      pry (>= 0.9.11)
    rake (10.3.2)
    rspec (2.99.0)
      rspec-core (~> 2.99.0)
      rspec-expectations (~> 2.99.0)
      rspec-mocks (~> 2.99.0)
    rspec-core (2.99.0)
    rspec-expectations (2.99.0)
      diff-lcs (>= 1.1.3, < 2.0)
    rspec-mocks (2.99.1)
    rubypeg (0.0.4)
      rubyscriptwriter
    rubyscriptwriter (0.0.2)
    slop (3.5.0)
    spoon (0.0.4)
      ffi
    stackprof (0.2.6)

PLATFORMS
  java
  ruby

DEPENDENCIES
  excel_to_code!
  ffi
  minitest
  pry
  pry-rescue
  pry-stack_explorer
  rake
  stackprof
