GIT
  remote: /Users/tamc/Documents/github/excel_to_code
  revision: c670492a64c4786cc8f51a32d50fe86f5a54b977
  branch: master
  specs:
    excel_to_code (0.2.19)
      ffi (>= 1.0.11)
      nokogiri (>= 1.5.0)
      ox (>= 2.0.12)
      rspec (>= 2.7.0)
      rubypeg

GEM
  remote: http://rubygems.org/
  specs:
    binding_of_caller (0.7.2)
      debug_inspector (>= 0.0.1)
    coderay (1.1.0)
    debug_inspector (0.0.2)
    diff-lcs (1.2.5)
    ffi (1.9.3)
    interception (0.4)
    method_source (0.8.2)
    mini_portile (0.5.2)
    minitest (5.2.3)
    nokogiri (1.6.1)
      mini_portile (~> 0.5.0)
    ox (2.1.1)
    pry (0.9.12.6)
      coderay (~> 1.0)
      method_source (~> 0.8)
      slop (~> 3.4)
    pry-rescue (1.4.0)
      interception (>= 0.4)
      pry
    pry-stack_explorer (0.4.9.1)
      binding_of_caller (>= 0.7)
      pry (>= 0.9.11)
    rake (10.1.1)
    rspec (2.14.1)
      rspec-core (~> 2.14.0)
      rspec-expectations (~> 2.14.0)
      rspec-mocks (~> 2.14.0)
    rspec-core (2.14.7)
    rspec-expectations (2.14.5)
      diff-lcs (>= 1.1.3, < 2.0)
    rspec-mocks (2.14.6)
    rubypeg (0.0.4)
      rubyscriptwriter
    rubyscriptwriter (0.0.2)
    slop (3.4.7)

PLATFORMS
  java
  ruby

DEPENDENCIES
  excel_to_code!
  ffi
  minitest
  pry
  pry-rescue
  pry-stack_explorer
  rake
